GEM
  remote: http://rubygems.org/
  specs:
    CFPropertyList (3.0.3)
    activesupport (5.2.6)
      concurrent-ruby (~> 1.0, >= 1.0.2)
      i18n (>= 0.7, < 2)
      minitest (~> 5.1)
      tzinfo (~> 1.1)
    atomos (0.1.3)
    claide (1.0.3)
    clamp (1.3.2)
    coderay (1.1.3)
    colored2 (3.1.2)
    concurrent-ruby (1.1.8)
    domain_name (0.5.20190701)
      unf (>= 0.0.5, < 1.0.0)
    fourflusher (2.3.1)
    http-accept (1.7.0)
    http-cookie (1.0.3)
      domain_name (~> 0.5)
    i18n (1.8.10)
      concurrent-ruby (~> 1.0)
    method_source (1.0.0)
    mime-types (3.3.1)
      mime-types-data (~> 3.2015)
    mime-types-data (3.2021.0225)
    mini_portile2 (2.5.3)
    minitest (5.14.4)
    nanaimo (0.3.0)
    netrc (0.11.0)
    nokogiri (1.11.3)
      mini_portile2 (~> 2.5.0)
      racc (~> 1.4)
    nokogiri (1.11.3-x86_64-darwin)
      racc (~> 1.4)
    pry (0.14.1)
      coderay (~> 1.1)
      method_source (~> 1.0)
    racc (1.5.2)
    rake (13.0.3)
    rest-client (2.1.0)
      http-accept (>= 1.7.0, < 2.0)
      http-cookie (>= 1.0.2, < 2.0)
      mime-types (>= 1.16, < 4.0)
      netrc (~> 0.8)
    rouge (2.0.7)
    slather (2.7.1)
      CFPropertyList (>= 2.2, < 4)
      activesupport
      clamp (~> 1.3)
      nokogiri (~> 1.11)
      xcodeproj (~> 1.7)
    thread_safe (0.3.6)
    tzinfo (1.2.9)
      thread_safe (~> 0.1)
    unf (0.1.4)
      unf_ext
    unf_ext (0.0.7.7)
    xcodeproj (1.19.0)
      CFPropertyList (>= 2.3.3, < 4.0)
      atomos (~> 0.1.3)
      claide (>= 1.0.2, < 2.0)
      colored2 (~> 3.1)
      nanaimo (~> 0.3.0)
    xcpretty (0.3.0)
      rouge (~> 2.0.7)

PLATFORMS
  -darwin-21
  x86_64-darwin-19

DEPENDENCIES
  activesupport (~> 5.0)
  fourflusher
  pry
  rake
  rest-client
  slather
  xcpretty

BUNDLED WITH
   2.3.9
